GEM
  specs:
    sass (3.3.8)

PLATFORMS
  ruby

DEPENDENCIES
  sass
